GEM
  remote: http://rubygems.org/
  specs:
    git (1.2.9.1)
    jeweler (1.6.4)
      bundler (~> 1.0)
      git (>= 1.2.5)
      rake
    rake (10.4.2)
    rake-compiler (0.7.9)
      rake

PLATFORMS
  ruby

DEPENDENCIES
  bundler (~> 1.2)
  jeweler (~> 1.6.4)
  rake-compiler (~> 0.7.6)
